GIT
  remote: https://github.com/libgit2/rugged
  revision: 160f3650dbc8d5bca84d2d136b93743b19c62dc7
  branch: development
  submodules: true
  specs:
    rugged (0.17.0.b6)

GEM
  remote: http://rubygems.org/
  specs:

PLATFORMS
  ruby

DEPENDENCIES
  rugged!
